PATH
  remote: .
  specs:
    ldap_fluff (0.2.2)
      activesupport
      net-ldap (>= 0.3.1)

GEM
  remote: https://rubygems.org/
  specs:
    activesupport (3.2.14)
      i18n (~> 0.6, >= 0.6.4)
      multi_json (~> 1.0)
    ast (1.1.0)
    backports (3.3.3)
    i18n (0.6.5)
    minitest (5.0.3)
    multi_json (1.8.0)
    net-ldap (0.3.1)
    parser (2.0.0.pre6)
      ast (~> 1.1)
      slop (~> 3.4, >= 3.4.5)
    powerpack (0.0.4)
    rainbow (1.1.4)
    rake (10.0.4)
    rubocop (0.12.0)
      backports (~> 3.3.3)
      parser (~> 2.0.0.pre6)
      powerpack (~> 0.0.3)
      rainbow (>= 1.1.4)
    slop (3.4.6)

PLATFORMS
  ruby

DEPENDENCIES
  ldap_fluff!
  minitest
  rake
  rubocop
