PATH
  remote: .
  specs:
    ldap_fluff (0.2.2)
      net-ldap (>= 0.3.1)

GEM
  remote: http://rubygems.org/
  specs:
    minitest (5.0.3)
    net-ldap (0.3.1)
    rake (10.0.4)

PLATFORMS
  ruby

DEPENDENCIES
  ldap_fluff!
  minitest
  rake
